GEM
  remote: https://rubygems.org/
  specs:
    bourbon (4.2.4)
      sass (~> 3.4)
      thor (~> 0.19)
    haml (4.0.7)
      tilt
    jasmine (2.3.0)
      jasmine-core (~> 2.3)
      phantomjs
      rack (>= 1.2.1)
      rake
    jasmine-core (2.3.4)
    neat (1.7.2)
      bourbon (>= 4.0)
      sass (>= 3.3)
    phantomjs (1.9.8.0)
    rack (1.6.4)
    rake (10.4.2)
    sass (3.4.17)
    thor (0.19.1)
    tilt (2.0.1)

PLATFORMS
  ruby

DEPENDENCIES
  bourbon
  haml
  jasmine
  neat
  rake
  sass

BUNDLED WITH
   1.10.6
